GEM
  remote: https://rubygems.org/
  specs:
    autostacker24 (1.0.56)
      aws-sdk-core (~> 2)
      json (~> 1.8)
    aws-sdk-core (2.2.8)
      jmespath (~> 1.0)
    jmespath (1.1.3)
    json (1.8.2)
    mime-types (2.99)
    rake (10.4.2)

PLATFORMS
  ruby

DEPENDENCIES
  autostacker24
  aws-sdk-core
  bundler
  json
  mime-types
  rake

BUNDLED WITH
   1.10.6
