GEM
  remote: https://rubygems.org/
  specs:
    aws-sdk-core (2.2.8)
      jmespath (~> 1.0)
    jmespath (1.1.3)
    rake (10.4.2)

PLATFORMS
  ruby

DEPENDENCIES
  aws-sdk-core
  bundler
  rake

BUNDLED WITH
   1.10.6
